GEM
  remote: http://rubygems.org/
  specs:
    nokogiri (1.5.0)
    rack (1.3.5)

PLATFORMS
  ruby

DEPENDENCIES
  nokogiri
  rack
